GEM
  remote: https://gem.coop/
  specs:
    addressable (2.8.7)
      public_suffix (>= 2.0.2, < 7.0)
    area (0.10.0)
      fastercsv (~> 1.5)
    ast (2.4.3)
    async (2.34.0)
      console (~> 1.29)
      fiber-annotation
      io-event (~> 1.11)
      metrics (~> 0.12)
      traces (~> 0.18)
    async-container (0.27.4)
      async (~> 2.22)
    async-container-supervisor (0.6.1)
      async-service
      io-endpoint
      memory-leak (~> 0.5)
    async-http (0.91.0)
      async (>= 2.10.2)
      async-pool (~> 0.11)
      io-endpoint (~> 0.14)
      io-stream (~> 0.6)
      metrics (~> 0.12)
      protocol-http (~> 0.49)
      protocol-http1 (~> 0.30)
      protocol-http2 (~> 0.22)
      traces (~> 0.10)
    async-http-cache (0.4.6)
      async-http (~> 0.56)
    async-pool (0.11.0)
      async (>= 2.0)
    async-service (0.14.4)
      async
      async-container (~> 0.16)
      string-format (~> 0.2)
    base64 (0.3.0)
    bcrypt (3.1.20)
    bigdecimal (3.3.1)
    capybara (3.40.0)
      addressable
      matrix
      mini_mime (>= 0.1.3)
      nokogiri (~> 1.11)
      rack (>= 1.6.0)
      rack-test (>= 0.6.3)
      regexp_parser (>= 1.5, < 3.0)
      xpath (~> 3.2)
    capybara-selenium (0.0.6)
      capybara
      selenium-webdriver
    coderay (1.1.3)
    concurrent-ruby (1.3.5)
    console (1.34.1)
      fiber-annotation
      fiber-local (~> 1.1)
      json
    csv (3.3.5)
    date (3.4.1)
    dotenv (3.1.8)
    drb (2.2.3)
    falcon (0.52.4)
      async
      async-container (~> 0.20)
      async-container-supervisor (~> 0.6)
      async-http (~> 0.75)
      async-http-cache (~> 0.4)
      async-service (~> 0.10)
      bundler
      localhost (~> 1.1)
      openssl (~> 3.0)
      protocol-http (~> 0.31)
      protocol-rack (~> 0.7)
      samovar (~> 2.3)
    falcon-capybara (1.6.1)
      capybara (~> 3.37)
      falcon
      selenium-webdriver
    faraday (2.14.0)
      faraday-net_http (>= 2.0, < 3.5)
      json
      logger
    faraday-net_http (3.4.1)
      net-http (>= 0.5.0)
    fastercsv (1.5.5)
    fiber-annotation (0.2.0)
    fiber-local (1.1.0)
      fiber-storage
    fiber-storage (1.0.1)
    forwardable (1.3.3)
    gender_detector (2.0.0)
    hashie (5.0.0)
    i18n (1.14.7)
      concurrent-ruby (~> 1.0)
    io-endpoint (0.15.2)
    io-event (1.14.0)
    io-stream (0.10.0)
    ipaddr (1.2.7)
    json (2.13.2)
    jwt (3.1.2)
      base64
    language_server-protocol (3.17.0.5)
    lint_roller (1.1.0)
    localhost (1.6.0)
    logger (1.7.0)
    mail (2.8.1)
      mini_mime (>= 0.1.1)
      net-imap
      net-pop
      net-smtp
    mapping (1.1.3)
    matrix (0.4.3)
    memory-leak (0.7.0)
    method_source (1.1.0)
    metrics (0.15.0)
    mini_mime (1.1.5)
    minitest (5.26.0)
    minitest-capybara (0.9.0)
      capybara
      minitest (~> 5.0)
      rake
    multi_xml (0.7.2)
      bigdecimal (~> 3.1)
    net-http (0.6.0)
      uri
    net-imap (0.5.12)
      date
      net-protocol
    net-pop (0.1.2)
      net-protocol
    net-protocol (0.2.2)
      timeout
    net-smtp (0.5.1)
      net-protocol
    nokogiri (1.18.10-x86_64-darwin)
      racc (~> 1.4)
    nokogiri (1.18.10-x86_64-linux-gnu)
      racc (~> 1.4)
    oauth (1.1.2)
      oauth-tty (~> 1.0, >= 1.0.6)
      snaky_hash (~> 2.0)
      version_gem (~> 1.1, >= 1.1.9)
    oauth-tty (1.0.6)
      version_gem (~> 1.1, >= 1.1.9)
    oauth2 (2.0.17)
      faraday (>= 0.17.3, < 4.0)
      jwt (>= 1.0, < 4.0)
      logger (~> 1.2)
      multi_xml (~> 0.5)
      rack (>= 1.2, < 4)
      snaky_hash (~> 2.0, >= 2.0.3)
      version_gem (~> 1.1, >= 1.1.9)
    openssl (3.3.1)
    ostruct (0.6.3)
    parallel (1.27.0)
    parser (3.3.9.0)
      ast (~> 2.4.1)
      racc
    prism (1.4.0)
    protocol-hpack (1.5.1)
    protocol-http (0.54.0)
    protocol-http1 (0.35.2)
      protocol-http (~> 0.22)
    protocol-http2 (0.23.0)
      protocol-hpack (~> 1.4)
      protocol-http (~> 0.47)
    protocol-rack (0.16.0)
      io-stream (>= 0.10)
      protocol-http (~> 0.43)
      rack (>= 1.0)
    pry (0.15.2)
      coderay (~> 1.1)
      method_source (~> 1.0)
    public_suffix (6.0.2)
    racc (1.8.1)
    rack (3.2.3)
    rack-host-redirect (1.3.0)
      rack
    rack-test (2.2.0)
      rack (>= 1.3)
    rack-unreloader (2.1.0)
    rackup (2.2.1)
      rack (>= 3)
    rainbow (3.1.1)
    rake (13.3.0)
    regexp_parser (2.11.3)
    rexml (3.4.4)
    rinda (0.2.0)
      drb
      forwardable
      ipaddr
    roda (3.97.0)
      rack
    roda-route_list (2.1.0)
      roda
    rodauth (2.41.0)
      roda (>= 2.6.0)
      sequel (>= 4)
    rubocop (1.81.1)
      json (~> 2.3)
      language_server-protocol (~> 3.17.0.2)
      lint_roller (~> 1.1.0)
      parallel (~> 1.10)
      parser (>= 3.3.0.2)
      rainbow (>= 2.2.2, < 4.0)
      regexp_parser (>= 2.9.3, < 3.0)
      rubocop-ast (>= 1.47.1, < 2.0)
      ruby-progressbar (~> 1.7)
      unicode-display_width (>= 2.4.0, < 4.0)
    rubocop-ast (1.47.1)
      parser (>= 3.3.7.2)
      prism (~> 1.4)
    rubocop-minitest (0.38.2)
      lint_roller (~> 1.1)
      rubocop (>= 1.75.0, < 2.0)
      rubocop-ast (>= 1.38.0, < 2.0)
    rubocop-performance (1.26.0)
      lint_roller (~> 1.1)
      rubocop (>= 1.75.0, < 2.0)
      rubocop-ast (>= 1.44.0, < 2.0)
    rubocop-rake (0.7.1)
      lint_roller (~> 1.1)
      rubocop (>= 1.72.1)
    rubocop-sequel (0.4.1)
      lint_roller (~> 1.1)
      rubocop (>= 1.72.1, < 2)
    ruby-progressbar (1.13.0)
    rubyzip (3.2.0)
    samovar (2.4.1)
      console (~> 1.0)
      mapping (~> 1.0)
    selenium-webdriver (4.36.0)
      base64 (~> 0.2)
      json (<= 2.13.2)
      logger (~> 1.4)
      prism (~> 1.0, < 1.5)
      rexml (~> 3.2, >= 3.2.5)
      rubyzip (>= 1.2.2, < 4.0)
      websocket (~> 1.0)
    sentry-ruby (6.0.0)
      bigdecimal
      concurrent-ruby (~> 1.0, >= 1.0.2)
    sequel (5.97.0)
      bigdecimal
    snaky_hash (2.0.3)
      hashie (>= 0.1.0, < 6)
      version_gem (>= 1.1.8, < 3)
    sqlite3 (2.7.4-x86_64-darwin)
    sqlite3 (2.7.4-x86_64-linux-gnu)
    string-format (0.2.0)
    tilt (2.6.1)
    timeout (0.4.3)
    traces (0.18.2)
    unicode-display_width (3.2.0)
      unicode-emoji (~> 4.1)
    unicode-emoji (4.1.0)
    unicode_utils (1.4.0)
    uri (1.0.4)
    version_gem (1.1.9)
    websocket (1.2.11)
    xpath (3.2.0)
      nokogiri (~> 1.8)

PLATFORMS
  x86_64-darwin-21
  x86_64-darwin-23
  x86_64-darwin-24
  x86_64-darwin-25
  x86_64-linux

DEPENDENCIES
  area
  async-http
  bcrypt
  capybara-selenium
  csv
  dotenv
  drb
  falcon
  falcon-capybara
  gender_detector
  i18n (>= 1)
  mail
  minitest
  minitest-capybara
  nokogiri
  oauth
  oauth2
  ostruct
  pry
  rack-host-redirect
  rack-test
  rack-unreloader
  rackup
  rake
  rinda
  roda
  roda-route_list
  rodauth
  rubocop
  rubocop-minitest
  rubocop-performance
  rubocop-rake
  rubocop-sequel
  sentry-ruby
  sequel
  sqlite3
  tilt
  unicode_utils

RUBY VERSION
   ruby 3.4.7p58

BUNDLED WITH
   2.6.9
